PATH
  remote: ../ims-lti
  specs:
    ims-lti (1.1.2)
      builder
      oauth (~> 0.4.5)
      uuid

GEM
  remote: https://rubygems.org/
  specs:
    builder (3.1.4)
    json (1.7.6)
    macaddr (1.6.1)
      systemu (~> 2.5.0)
    oauth (0.4.7)
    rack (1.5.1)
    rack-protection (1.3.2)
      rack
    shotgun (0.9)
      rack (>= 1.0)
    sinatra (1.3.4)
      rack (~> 1.4)
      rack-protection (~> 1.3)
      tilt (~> 1.3, >= 1.3.3)
    systemu (2.5.2)
    tilt (1.3.3)
    uuid (2.3.6)
      macaddr (~> 1.0)

PLATFORMS
  ruby

DEPENDENCIES
  ims-lti!
  json
  shotgun
  sinatra
